GEM
  remote: https://rubygems.org/
  specs:
    activesupport (5.2.0)
      concurrent-ruby (~> 1.0, >= 1.0.2)
      i18n (>= 0.7, < 2)
      minitest (~> 5.1)
      tzinfo (~> 1.1)
    addressable (2.5.2)
      public_suffix (>= 2.0.2, < 4.0)
    apple_system_status (0.3.2)
      activesupport
      capybara
      poltergeist
      thor
    ast (2.4.0)
    backports (3.11.3)
    capybara (3.1.0)
      addressable
      mini_mime (>= 0.1.3)
      nokogiri (~> 1.8)
      rack (>= 1.6.0)
      rack-test (>= 0.6.3)
      xpath (~> 3.0)
    cliver (0.3.2)
    codeclimate-test-reporter (1.0.8)
      simplecov (<= 0.13)
    concurrent-ruby (1.0.5)
    dalli (2.7.8)
    diff-lcs (1.3)
    docile (1.1.5)
    foreman (0.84.0)
      thor (~> 0.19.1)
    get_process_mem (0.2.2)
    global (0.2.2)
      activesupport (>= 2.0)
    i18n (1.0.1)
      concurrent-ruby (~> 1.0)
    jemalloc (1.0.1)
    json (2.1.0)
    mini_mime (1.0.0)
    mini_portile2 (2.3.0)
    minitest (5.11.3)
    multi_json (1.13.1)
    mustermann (1.0.2)
    newrelic_rpm (5.1.0.344)
    nokogiri (1.8.2)
      mini_portile2 (~> 2.3.0)
    onkcop (0.53.0.0)
      rubocop (~> 0.53.0)
      rubocop-rspec (>= 1.24.0)
    parallel (1.12.1)
    parser (2.5.1.0)
      ast (~> 2.4.0)
    poltergeist (1.18.0)
      capybara (>= 2.1, < 4)
      cliver (~> 0.3.1)
      websocket-driver (>= 0.2.0)
    powerpack (0.1.1)
    public_suffix (3.0.2)
    puma (3.11.4)
    puma-heroku (1.0.0)
      puma (~> 3.0)
    puma_worker_killer (0.1.0)
      get_process_mem (~> 0.2)
      puma (>= 2.7, < 4)
    rack (2.0.5)
    rack-protection (2.0.1)
      rack
    rack-test (1.0.0)
      rack (>= 1.0, < 3)
    rainbow (3.0.0)
    rollbar (2.16.0)
      multi_json
    rspec (3.7.0)
      rspec-core (~> 3.7.0)
      rspec-expectations (~> 3.7.0)
      rspec-mocks (~> 3.7.0)
    rspec-core (3.7.1)
      rspec-support (~> 3.7.0)
    rspec-expectations (3.7.0)
      diff-lcs (>= 1.2.0, < 2.0)
      rspec-support (~> 3.7.0)
    rspec-mocks (3.7.0)
      diff-lcs (>= 1.2.0, < 2.0)
      rspec-support (~> 3.7.0)
    rspec-support (3.7.1)
    rubocop (0.53.0)
      parallel (~> 1.10)
      parser (>= 2.5)
      powerpack (~> 0.1)
      rainbow (>= 2.2.2, < 4.0)
      ruby-progressbar (~> 1.7)
      unicode-display_width (~> 1.0, >= 1.0.1)
    rubocop-rspec (1.25.1)
      rubocop (>= 0.53.0)
    ruby-progressbar (1.9.0)
    simplecov (0.13.0)
      docile (~> 1.1.0)
      json (>= 1.8, < 3)
      simplecov-html (~> 0.10.0)
    simplecov-html (0.10.2)
    sinatra (2.0.1)
      mustermann (~> 1.0)
      rack (~> 2.0)
      rack-protection (= 2.0.1)
      tilt (~> 2.0)
    sinatra-contrib (2.0.1)
      backports (>= 2.0)
      multi_json
      mustermann (~> 1.0)
      rack-protection (= 2.0.1)
      sinatra (= 2.0.1)
      tilt (>= 1.3, < 3)
    slim (3.0.9)
      temple (>= 0.7.6, < 0.9)
      tilt (>= 1.3.3, < 2.1)
    temple (0.8.0)
    thor (0.19.4)
    thread_safe (0.3.6)
    tilt (2.0.8)
    tzinfo (1.2.5)
      thread_safe (~> 0.1)
    unicode-display_width (1.3.2)
    websocket-driver (0.7.0)
      websocket-extensions (>= 0.1.0)
    websocket-extensions (0.1.3)
    xpath (3.0.0)
      nokogiri (~> 1.8)

PLATFORMS
  ruby

DEPENDENCIES
  activesupport
  apple_system_status
  codeclimate-test-reporter
  dalli
  foreman
  global
  jemalloc
  newrelic_rpm
  onkcop
  puma
  puma-heroku
  puma_worker_killer
  rack-test
  rollbar
  rspec
  simplecov
  sinatra (>= 2.0.0)
  sinatra-contrib (>= 2.0.0)
  slim

BUNDLED WITH
   1.16.1
